PATH
  remote: .
  specs:
    adcloud (0.1.0)
      active_support
      json

GEM
  remote: https://rubygems.org/
  specs:
    active_support (3.0.0)
      activesupport (= 3.0.0)
    activesupport (3.0.0)
    addressable (2.2.8)
    ansi (1.4.3)
    builder (3.0.0)
    crack (0.3.1)
    hashie (1.2.0)
    json (1.7.3)
    minitest (3.2.0)
    minitest-reporters (0.9.0)
      ansi
      builder
      minitest (>= 2.0, < 4.0)
      powerbar
    minitest_should (0.3.1)
    powerbar (1.0.7)
      ansi (~> 1.4.0)
      hashie (>= 1.1.0)
    rake (0.9.2.2)
    webmock (1.8.7)
      addressable (>= 2.2.7)
      crack (>= 0.1.7)

PLATFORMS
  ruby

DEPENDENCIES
  adcloud!
  minitest-reporters
  minitest_should
  rake
  webmock
