PATH
  remote: .
  specs:
    adcloud (0.1.0)
      activesupport (~> 3.2.6)
      faraday
      faraday_middleware
      virtus

GEM
  remote: https://rubygems.org/
  specs:
    activesupport (3.2.6)
      i18n (~> 0.6)
      multi_json (~> 1.0)
    addressable (2.3.2)
    backports (2.6.2)
    crack (0.3.1)
    faraday (0.8.1)
      multipart-post (~> 1.1)
    faraday_middleware (0.8.8)
      faraday (>= 0.7.4, < 0.9)
    i18n (0.6.0)
    metaclass (0.0.1)
    minitest (3.4.0)
    mocha (0.12.4)
      metaclass (~> 0.0.1)
    multi_json (1.3.6)
    multipart-post (1.1.5)
    rake (0.9.2.2)
    simplecov (0.6.4)
      multi_json (~> 1.0)
      simplecov-html (~> 0.5.3)
    simplecov-html (0.5.3)
    virtus (0.5.1)
      backports (~> 2.6.1)
    webmock (1.8.9)
      addressable (>= 2.2.7)
      crack (>= 0.1.7)

PLATFORMS
  ruby

DEPENDENCIES
  adcloud!
  minitest (~> 3.4.0)
  mocha (~> 0.12.4)
  rake
  simplecov
  webmock
